GEM
  remote: https://rubygems.org/
  specs:
    minitest (5.18.1)

PLATFORMS
  x86_64-linux

DEPENDENCIES
  minitest (~> 5.8, >= 5.8.4)

RUBY VERSION
   ruby 2.6.10p210

BUNDLED WITH
   2.4.17
